PATH
  remote: .
  specs:
    es_cli (0.1.0)
      ruby-openai (~> 7.3)
      thor (~> 1.3)

GEM
  remote: https://rubygems.org/
  specs:
    event_stream_parser (1.0.0)
    faraday (2.12.2)
      faraday-net_http (>= 2.0, < 3.5)
      json
      logger
    faraday-multipart (1.1.0)
      multipart-post (~> 2.0)
    faraday-net_http (3.4.0)
      net-http (>= 0.5.0)
    json (2.9.1)
    logger (1.6.5)
    multipart-post (2.4.1)
    net-http (0.6.0)
      uri
    power_assert (2.0.5)
    rake (13.2.1)
    ruby-openai (7.3.1)
      event_stream_parser (>= 0.3.0, < 2.0.0)
      faraday (>= 1)
      faraday-multipart (>= 1)
    test-unit (3.6.7)
      power_assert
    thor (1.3.2)
    uri (1.0.2)

PLATFORMS
  arm64-darwin-23
  ruby

DEPENDENCIES
  es_cli!
  rake (~> 13.0)
  ruby-openai (~> 7.3)
  test-unit (~> 3.0)
  thor (~> 1.3)

BUNDLED WITH
   2.6.1
